GIT
  remote: https://github.com/silentgrowl/smackr.git
  revision: a73b48bbb4c150e4ea1b463fbf28b3e1fb538f8d
  specs:
    smackr (0.0.6)

GIT
  remote: https://github.com/silentgrowl/xmpp4r.git
  revision: d51f71e8226d829908e9c9335c32ab675753ee59
  specs:
    xmpp4r (0.5)
      nokogiri
      rdoc (> 2.4.2)

GEM
  remote: https://www.rubygems.org/
  specs:
    activesupport (3.2.13)
      i18n (= 0.6.1)
      multi_json (~> 1.0)
    barometer (0.7.3)
      httparty (>= 0.4.5)
      nokogiri
      tzinfo (>= 0.3.14)
    chronic_duration (0.10.6)
      numerizer (~> 0.1.1)
    coderay (1.0.8)
    daemons (1.1.9)
    diff-lcs (1.1.3)
    domain_name (0.5.24)
      unf (>= 0.0.5, < 1.0.0)
    eventmachine (1.0.0)
    eventmachine (1.0.0-java)
    faraday (0.9.2)
      multipart-post (>= 1.2, < 3)
    faraday_middleware (0.10.1)
      faraday (>= 0.7.4, < 1.0)
    faye-websocket (0.9.2)
      eventmachine (>= 0.12.0)
      websocket-driver (>= 0.5.1)
    ffi (1.9.8)
    ffi (1.9.8-java)
    google-search (1.0.3)
      json
    hashie (3.4.3)
    hipchat (0.7.0)
      httparty
    http-cookie (1.0.2)
      domain_name (~> 0.5)
    http_parser.rb (0.5.3)
    http_parser.rb (0.5.3-java)
    httparty (0.11.0)
      multi_json (~> 1.0)
      multi_xml (>= 0.5.2)
    i18n (0.6.1)
    interception (0.3)
    isis-plugin-animalsbeingjerks (1.0.0)
      nokogiri
    isis-plugin-bash (1.0.0)
      nokogiri
    isis-plugin-bbcworldnews (1.0.0)
    isis-plugin-catfacts (1.0.0)
    isis-plugin-clientsfromhell (1.0.0)
      nokogiri
    isis-plugin-compliment (1.0.0)
      nokogiri
    isis-plugin-computerhistory (1.0.0)
      nokogiri
    isis-plugin-dailykitten (1.0.0)
      nokogiri
    isis-plugin-dailypuppy (1.0.0)
      nokogiri
    isis-plugin-defprogramming (1.0.0)
      nokogiri
    isis-plugin-designmilk (1.0.0)
    isis-plugin-devopsreactions (1.0.0)
      nokogiri
    isis-plugin-domain (1.0.0)
      whois
    isis-plugin-excuses (1.0.0)
      nokogiri
    isis-plugin-familycircus (1.0.0)
      nokogiri
    isis-plugin-hackernews (1.0.0)
      ruby-hackernews
    isis-plugin-insult (1.0.0)
      nokogiri
    isis-plugin-isup (1.0.0)
      nokogiri
    isis-plugin-lynda (1.0.0)
    isis-plugin-missionstatement (1.0.0)
      nokogiri
    isis-plugin-pizzagifs (1.0.0)
      nokogiri
    isis-plugin-rubyflow (1.0.0)
      nokogiri
    isis-plugin-scheduler (1.0.0)
    isis-plugin-stockticker (1.0.0)
      httparty
      yahoofinance
    isis-plugin-uptime (1.0.0)
      chronic_duration
    isis-plugin-weather (1.0.0)
      barometer (= 0.7.3)
    isis-plugin-webdesignledger (1.0.0)
    isis-plugin-xkcd (1.0.0)
      xkcd
    json (1.8.3)
    json (1.8.3-java)
    mechanize (2.7.2)
      domain_name (~> 0.5, >= 0.5.1)
      http-cookie (~> 1.0.0)
      mime-types (~> 1.17, >= 1.17.2)
      net-http-digest_auth (~> 1.1, >= 1.1.1)
      net-http-persistent (~> 2.5, >= 2.5.2)
      nokogiri (~> 1.4)
      ntlm-http (~> 0.1, >= 0.1.1)
      webrobots (>= 0.0.9, < 0.2)
    method_source (0.8.1)
    mime-types (1.20.1)
    multi_json (1.12.1)
    multi_xml (0.5.4)
    multipart-post (2.0.0)
    net-http-digest_auth (1.4)
    net-http-persistent (2.9.4)
    net-ssh (2.6.8)
    nokogiri (1.5.6)
    nokogiri (1.5.6-java)
    ntlm-http (0.1.1)
    numerizer (0.1.1)
    pry (0.9.11.4)
      coderay (~> 1.0.5)
      method_source (~> 0.8)
      slop (~> 3.4)
    pry (0.9.11.4-java)
      coderay (~> 1.0.5)
      method_source (~> 0.8)
      slop (~> 3.4)
      spoon (~> 0.0)
    pry-rescue (1.1.1)
      interception (>= 0.3)
      pry
    rdoc (4.1.1)
      json (~> 1.4)
    require_all (1.3.2)
    rspec (2.12.0)
      rspec-core (~> 2.12.0)
      rspec-expectations (~> 2.12.0)
      rspec-mocks (~> 2.12.0)
    rspec-core (2.12.2)
    rspec-expectations (2.12.1)
      diff-lcs (~> 1.1.3)
    rspec-mocks (2.12.2)
    ruby-hackernews (1.3.7)
      mechanize (>= 1.0.0)
      require_all (>= 1.1.0)
    simple_oauth (0.1.9)
    slack-api (1.2.4)
      faraday (>= 0.7, < 0.10)
      faraday_middleware (~> 0.8)
      faye-websocket (~> 0.9.2)
      multi_json (~> 1.0, >= 1.0.3)
    slop (3.4.3)
    spoon (0.0.1)
    timecop (0.5.9.1)
    tinder (1.10.1)
      eventmachine (~> 1.0)
      faraday (~> 0.9.0)
      faraday_middleware (~> 0.9)
      hashie (>= 1.0)
      json (~> 1.8.0)
      mime-types
      multi_json (~> 1.7)
      twitter-stream (~> 0.1)
    twitter-stream (0.1.16)
      eventmachine (>= 0.12.8)
      http_parser.rb (~> 0.5.1)
      simple_oauth (~> 0.1.4)
    tzinfo (0.3.35)
    unf (0.1.4)
      unf_ext
    unf (0.1.4-java)
    unf_ext (0.0.7.1)
    webrobots (0.1.1)
    websocket-driver (0.6.4)
      websocket-extensions (>= 0.1.0)
    websocket-driver (0.6.4-java)
      websocket-extensions (>= 0.1.0)
    websocket-extensions (0.1.2)
    whois (3.5.9)
      activesupport (>= 3)
    xkcd (1.1.0)
      google-search
      nokogiri (>= 1.5.0)
    yahoofinance (1.2.2)

PLATFORMS
  java
  ruby

DEPENDENCIES
  activesupport
  daemons
  eventmachine
  ffi
  hipchat
  isis-plugin-animalsbeingjerks
  isis-plugin-bash
  isis-plugin-bbcworldnews
  isis-plugin-catfacts
  isis-plugin-clientsfromhell
  isis-plugin-compliment
  isis-plugin-computerhistory
  isis-plugin-dailykitten
  isis-plugin-dailypuppy
  isis-plugin-defprogramming
  isis-plugin-designmilk
  isis-plugin-devopsreactions
  isis-plugin-domain
  isis-plugin-excuses
  isis-plugin-familycircus
  isis-plugin-hackernews
  isis-plugin-insult
  isis-plugin-isup
  isis-plugin-lynda
  isis-plugin-missionstatement
  isis-plugin-pizzagifs
  isis-plugin-rubyflow
  isis-plugin-scheduler
  isis-plugin-stockticker
  isis-plugin-uptime
  isis-plugin-weather
  isis-plugin-webdesignledger
  isis-plugin-xkcd
  net-ssh
  pry
  pry-rescue
  rspec
  slack-api (>= 1.2.4)
  smackr (= 0.0.6)!
  timecop
  tinder (= 1.10.1)
  tzinfo
  xmpp4r!
